GIT
  remote: https://github.com/rodjek/rspec-puppet.git
  revision: 03e94422fb9bbdd950d5a0bec6ead5d76e06616b
  ref: 03e94422fb
  specs:
    rspec-puppet (1.0.1)
      rspec

GEM
  remote: https://rubygems.org/
  specs:
    CFPropertyList (2.2.8)
    ast (2.0.0)
    diff-lcs (1.2.5)
    facter (2.1.0)
      CFPropertyList (~> 2.2.6)
    hiera (1.1.2)
      json_pure
    hiera-eyaml (2.0.2)
      highline (>= 1.6.19)
      trollop (>= 2.0)
    hiera-puppet (1.0.0)
      hiera (~> 1.0)
    highline (1.6.21)
    json (1.8.1)
    json_pure (1.8.1)
    parallel (0.6.1)
    parallel_tests (0.9.2)
      parallel
    parser (2.1.9)
      ast (>= 1.1, < 3.0)
      slop (~> 3.4, >= 3.4.5)
    powerpack (0.0.9)
    puppet (3.6.2)
      facter (> 1.6, < 3)
      hiera (~> 1.0)
      json_pure
      rgen (~> 0.6.5)
    puppet-lint (0.4.0.pre1)
    puppet-syntax (1.2.0)
      puppet (>= 2.7.0)
      rake
    rainbow (2.0.0)
    rake (10.1.1)
    rgen (0.6.6)
    rspec (2.99.0)
      rspec-core (~> 2.99.0)
      rspec-expectations (~> 2.99.0)
      rspec-mocks (~> 2.99.0)
    rspec-core (2.99.1)
    rspec-expectations (2.99.1)
      diff-lcs (>= 1.1.3, < 2.0)
    rspec-mocks (2.99.1)
    rubocop (0.21.0)
      json (>= 1.7.7, < 2)
      parser (~> 2.1.9)
      powerpack (~> 0.0.6)
      rainbow (>= 1.99.1, < 3.0)
      ruby-progressbar (~> 1.4)
    ruby-progressbar (1.4.2)
    slop (3.5.0)
    trollop (2.0)

PLATFORMS
  ruby

DEPENDENCIES
  hiera (= 1.1.2)
  hiera-eyaml (~> 2.0.0)
  hiera-puppet (= 1.0.0)
  highline (~> 1.6.21)
  parallel (= 0.6.1)
  parallel_tests (= 0.9.2)
  puppet (~> 3.6.0)
  puppet-lint (= 0.4.0.pre1)
  puppet-syntax
  rake (~> 10.1.1)
  rspec (< 3.0.0)
  rspec-puppet!
  rubocop (~> 0.21.0)
  ruby-progressbar (~> 1.4.1)
